GEM
  remote: http://rubygems.org/
  specs:
    addressable (2.2.4)
    backports (1.18.2)
    builder (2.1.2)
    crack (0.1.8)
    haml (3.0.21)
    highline (1.6.1)
    httparty (0.6.1)
      crack (= 0.1.8)
    instagram (0.3.2)
      addressable
      nibbler (>= 1.2.0)
      yajl-ruby
    less (1.2.21)
      mutter (>= 0.4.2)
      treetop (>= 1.4.2)
    monkey-lib (0.5.4)
      backports
    mutter (0.5.3)
    nibbler (1.2.1)
    oauth (0.4.4)
    polyglot (0.3.1)
    rack (1.2.1)
    rdiscount (1.6.5)
    sinatra (1.0)
      rack (>= 1.0)
    sinatra-advanced-routes (0.5.1)
      monkey-lib (~> 0.5.0)
      sinatra (~> 1.0)
      sinatra-sugar (~> 0.5.0)
    sinatra-reloader (0.5.0)
      sinatra (~> 1.0)
      sinatra-advanced-routes (~> 0.5.0)
    sinatra-sugar (0.5.0)
      monkey-lib (~> 0.5.0)
      sinatra (~> 1.0)
    sprockets (1.0.2)
    treetop (1.4.8)
      polyglot (>= 0.3.1)
    tumblr-rb (1.3.0)
      highline (>= 1.5.2)
      weary (>= 0.7.1)
    weary (0.7.2)
      crack (>= 0.1.7)
      oauth (>= 0.3.5)
    yajl-ruby (0.7.9)

PLATFORMS
  ruby

DEPENDENCIES
  builder
  haml
  httparty
  instagram
  less
  rdiscount
  sinatra
  sinatra-reloader
  sprockets
  tumblr-rb
